GEM
  specs:
    rake (12.3.0)

PLATFORMS
  ruby

DEPENDENCIES
  rake

RUBY VERSION
   ruby 2.5.1p57

BUNDLED WITH
   1.16.1
